GIT
  remote: git://github.com/Jilion/useragent.git
  revision: 85527bbadb664cf3dd9d4dcd8f6c3e27ef2a3f5e
  specs:
    useragent (0.2.3)

GEM
  remote: http://rubygems.org/
  specs:
    activemodel (3.0.10)
      activesupport (= 3.0.10)
      builder (~> 2.1.2)
      i18n (~> 0.5.0)
    activesupport (3.0.10)
    addressable (2.2.6)
    async-rack (0.5.1)
      rack (~> 1.1)
    bson (1.4.0)
    bson_ext (1.4.0)
    builder (2.1.2)
    cramp (0.15.1)
      activesupport (~> 3.0.9)
      eventmachine (~> 1.0.0.beta.3)
      rack (~> 1.3.2)
      thor (~> 0.14.6)
    daemons (1.1.4)
    em-mongo (0.4.1)
      bson (>= 1.1.3)
      bson_ext (>= 1.1.3)
      eventmachine (>= 0.12.10)
    eventmachine (1.0.0.beta.4)
    http_router (0.10.2)
      rack (>= 1.0.0)
      url_mount (~> 0.2.1)
    i18n (0.5.0)
    mongo (1.3.1)
      bson (>= 1.3.1)
    mongoid (2.2.1)
      activemodel (~> 3.0)
      mongo (>= 1.3, < 1.4)
      tzinfo (~> 0.3.22)
    rack (1.3.3)
    thin (1.2.11)
      daemons (>= 1.0.9)
      eventmachine (>= 0.12.6)
      rack (>= 1.0.0)
    thor (0.14.6)
    tzinfo (0.3.29)
    url_mount (0.2.1)
      rack

PLATFORMS
  ruby

DEPENDENCIES
  addressable
  async-rack
  bson_ext (~> 1.3)
  cramp
  em-mongo
  http_router
  mongoid
  thin
  useragent!
