GIT
  remote: git://github.com/guard/guard.git
  revision: 5923cef530e5118560ff655d027089a516eb21f0
  specs:
    guard (0.4.2)
      thor (~> 0.14.6)

GIT
  remote: https://github.com/postrank-labs/goliath.git
  revision: b3f71e8a2f68d9c020473a186f18526f024bd464
  specs:
    goliath (0.9.1)
      async-rack
      em-synchrony (>= 0.3.0.beta.1)
      eventmachine (>= 1.0.0.beta.3)
      http_parser.rb
      http_router (~> 0.8.9)
      log4r
      multi_json
      rack (>= 1.2.2)
      rack-contrib
      rack-respond_to

GEM
  remote: http://rubygems.org/
  specs:
    activesupport (3.0.9)
    async-rack (0.5.1)
      rack (~> 1.1)
    builder (3.0.0)
    configuration (1.3.1)
    diff-lcs (1.1.2)
    em-synchrony (0.3.0.beta.1)
      eventmachine (>= 1.0.0.beta.1)
    eventmachine (1.0.0.beta.3)
    foreman (0.18.0)
      term-ansicolor (~> 1.0.5)
      thor (>= 0.13.6)
    growl (1.0.3)
    guard-rspec (0.4.0)
      guard (>= 0.4.0)
    heroku (2.3.3)
      launchy (>= 0.3.2)
      rest-client (~> 1.6.1)
      term-ansicolor (~> 1.0.5)
    hiredis (0.3.2)
    hoptoad_notifier (2.4.11)
      activesupport
      builder
    http_parser.rb (0.5.1)
    http_router (0.8.9)
      rack (>= 1.0.0)
      url_mount (~> 0.2.1)
    launchy (0.4.0)
      configuration (>= 0.0.5)
      rake (>= 0.8.1)
    log4r (1.1.9)
    mime-types (1.16)
    multi_json (1.0.3)
    rack (1.3.0)
    rack-accept-media-types (0.9)
    rack-contrib (1.1.0)
      rack (>= 0.9.1)
    rack-respond_to (0.9.8)
      rack-accept-media-types (>= 0.6)
    rake (0.9.2)
    rb-fsevent (0.4.0)
    redis (2.2.1)
    rest-client (1.6.3)
      mime-types (>= 1.16)
    rspec (2.6.0)
      rspec-core (~> 2.6.0)
      rspec-expectations (~> 2.6.0)
      rspec-mocks (~> 2.6.0)
    rspec-core (2.6.4)
    rspec-expectations (2.6.0)
      diff-lcs (~> 1.1.2)
    rspec-mocks (2.6.0)
    term-ansicolor (1.0.5)
    thor (0.14.6)
    url_mount (0.2.1)
      rack
    yajl-ruby (0.8.2)

PLATFORMS
  ruby

DEPENDENCIES
  bundler (= 1.1.pre.5)
  em-synchrony
  foreman
  goliath!
  growl
  guard!
  guard-rspec
  heroku
  hiredis (~> 0.3.1)
  hoptoad_notifier
  rb-fsevent
  redis (~> 2.2.0)
  rspec (> 2.0)
  yajl-ruby
