GIT
  remote: git://github.com/Jilion/useragent.git
  revision: 85527bbadb664cf3dd9d4dcd8f6c3e27ef2a3f5e
  specs:
    useragent (0.2.3)

GIT
  remote: git://github.com/ttilley/rb-fsevent.git
  revision: f36a8cd01b49a6ce2a26d9e1083b5f6e6722c470
  branch: pre-compiled-gem-one-off
  specs:
    rb-fsevent (0.4.3.1pre1)

GEM
  remote: http://rubygems.org/
  specs:
    activemodel (3.0.10)
      activesupport (= 3.0.10)
      builder (~> 2.1.2)
      i18n (~> 0.5.0)
    activesupport (3.0.10)
    addressable (2.2.6)
    async-rack (0.5.1)
      rack (~> 1.1)
    bson (1.4.0)
    bson_ext (1.4.0)
    builder (2.1.2)
    cramp (0.15.1)
      activesupport (~> 3.0.9)
      eventmachine (~> 1.0.0.beta.3)
      rack (~> 1.3.2)
      thor (~> 0.14.6)
    daemons (1.1.4)
    database_cleaner (0.6.7)
    diff-lcs (1.1.3)
    em-mongo (0.4.1)
      bson (>= 1.1.3)
      bson_ext (>= 1.1.3)
      eventmachine (>= 0.12.10)
    eventmachine (1.0.0.beta.4)
    growl_notify (0.0.1)
      rb-appscript
    guard (0.7.0)
      thor (~> 0.14.6)
    guard-rspec (0.4.5)
      guard (>= 0.4.0)
    heroku (2.8.4)
      launchy (>= 0.3.2)
      rest-client (~> 1.6.1)
      rubyzip
      term-ansicolor (~> 1.0.5)
    http_router (0.10.2)
      rack (>= 1.0.0)
      url_mount (~> 0.2.1)
    i18n (0.5.0)
    launchy (2.0.5)
      addressable (~> 2.2.6)
    mime-types (1.16)
    mongo (1.3.1)
      bson (>= 1.3.1)
    mongoid (2.2.1)
      activemodel (~> 3.0)
      mongo (>= 1.3, < 1.4)
      tzinfo (~> 0.3.22)
    rack (1.3.3)
    rb-appscript (0.6.1)
    rest-client (1.6.7)
      mime-types (>= 1.16)
    rspec (2.6.0)
      rspec-core (~> 2.6.0)
      rspec-expectations (~> 2.6.0)
      rspec-mocks (~> 2.6.0)
    rspec-core (2.6.4)
    rspec-cramp (0.1.1)
      cramp (~> 0.15)
      eventmachine (~> 1.0.0.beta.3)
      http_router (~> 0.10)
      rack (~> 1.3.2)
      rspec (~> 2.6)
    rspec-expectations (2.6.0)
      diff-lcs (~> 1.1.2)
    rspec-mocks (2.6.0)
    rubyzip (0.9.4)
    term-ansicolor (1.0.6)
    thin (1.2.11)
      daemons (>= 1.0.9)
      eventmachine (>= 0.12.6)
      rack (>= 1.0.0)
    thor (0.14.6)
    tzinfo (0.3.29)
    url_mount (0.2.1)
      rack

PLATFORMS
  ruby

DEPENDENCIES
  addressable
  async-rack
  bson_ext (~> 1.3)
  cramp
  database_cleaner
  em-mongo
  growl_notify
  guard-rspec
  heroku
  http_router
  mongoid
  rb-fsevent!
  rspec
  rspec-cramp
  thin
  useragent!
