GIT
  remote: git://github.com/jilion/useragent.git
  revision: 9fd0f887527850994c543caa7cf5327bd635dc02
  specs:
    useragent (0.2.3)

GIT
  remote: git://github.com/wtn/cramp.git
  revision: 9b58f81125a040abb19ce08821d5a32514deb31c
  branch: rails_3.1-3.2
  specs:
    cramp (0.15.1)
      activesupport (~> 3.1)
      eventmachine (~> 1.0.0.beta.3)
      faye-websocket (~> 0.3.0)
      rack (>= 1.3.2)
      thor (~> 0.14.6)

GEM
  remote: http://rubygems.org/
  remote: https://gems.gemfury.com/8dezqz7z7HWea9vtaFwg/
  specs:
    activemodel (3.2.3)
      activesupport (= 3.2.3)
      builder (~> 3.0.0)
    activesupport (3.2.3)
      i18n (~> 0.6)
      multi_json (~> 1.0)
    addressable (2.2.7)
    async-rack (0.5.1)
      rack (~> 1.1)
    bson (1.6.2)
    bson_ext (1.6.2)
      bson (~> 1.6.2)
    builder (3.0.0)
    coderay (1.0.6)
    cookiejar (0.3.0)
    daemons (1.1.8)
    diff-lcs (1.1.3)
    em-http-request (1.0.2)
      addressable (>= 2.2.3)
      cookiejar
      em-socksify
      eventmachine (>= 1.0.0.beta.4)
      http_parser.rb (>= 0.5.3)
    em-mongo (0.4.2)
      bson (>= 1.1.3)
      eventmachine (>= 0.12.10)
    em-socksify (0.2.0)
      eventmachine (>= 1.0.0.beta.4)
    em-synchrony (1.0.1)
      eventmachine (>= 1.0.0.beta.1)
    eventmachine (1.0.0.beta.4)
    faye-websocket (0.3.0)
      eventmachine (>= 0.12.0)
    ffi (1.0.11)
    foreman (0.44.0)
      thor (>= 0.13.6)
    growl (1.0.3)
    guard (1.0.1)
      ffi (>= 0.5.0)
      thor (~> 0.14.6)
    guard-rspec (0.7.0)
      guard (>= 0.10.0)
    heroku (2.24.1)
      launchy (>= 0.3.2)
      netrc (~> 0.7.1)
      rest-client (~> 1.6.1)
      rubyzip
    hiredis (0.4.5)
    http_parser.rb (0.5.3)
    http_router (0.11.0)
      rack (>= 1.0.0)
      url_mount (~> 0.2.1)
    i18n (0.6.1)
    launchy (2.1.0)
      addressable (~> 2.2.6)
    method_source (0.7.1)
    mime-types (1.18)
    mongo (1.6.2)
      bson (~> 1.6.2)
    mongoid (2.4.8)
      activemodel (~> 3.1)
      mongo (~> 1.3)
      tzinfo (~> 0.3.22)
    multi_json (1.5.0)
    netrc (0.7.1)
    newrelic_rpm (3.3.4)
    powder (0.1.7)
      thor (>= 0.11.5)
    pry (0.9.9.3)
      coderay (~> 1.0.5)
      method_source (~> 0.7.1)
      slop (>= 2.4.4, < 3)
    pusher (0.9.2)
      multi_json (~> 1.0)
      ruby-hmac (~> 0.4.0)
      signature (~> 0.1.2)
    rack (1.3.6)
    rake (10.0.3)
    rb-readline (0.4.2)
    redis (2.2.2)
    require_all (1.2.1)
    rest-client (1.6.7)
      mime-types (>= 1.16)
    rpm_contrib (2.1.8)
      newrelic_rpm (>= 3.1.1)
      newrelic_rpm (>= 3.1.1)
    rspec (2.9.0)
      rspec-core (~> 2.9.0)
      rspec-expectations (~> 2.9.0)
      rspec-mocks (~> 2.9.0)
    rspec-core (2.9.0)
    rspec-cramp (0.1.1)
      cramp (~> 0.15)
      eventmachine (~> 1.0.0.beta.3)
      http_router (~> 0.10)
      rack (~> 1.3.2)
      rspec (~> 2.6)
    rspec-expectations (2.9.1)
      diff-lcs (~> 1.1.3)
    rspec-mocks (2.9.0)
    ruby-hmac (0.4.0)
    rubyzip (0.9.7)
    settingslogic (2.0.8)
    signature (0.1.2)
      ruby-hmac
    slop (2.4.4)
    stat_request_parser (1.2.1)
      activesupport (>= 3.0.0)
    thin (1.3.1)
      daemons (>= 1.0.9)
      eventmachine (>= 0.12.6)
      rack (>= 1.0.0)
    thor (0.14.6)
    tzinfo (0.3.33)
    url_mount (0.2.1)
      rack

PLATFORMS
  ruby

DEPENDENCIES
  async-rack
  bson_ext
  cramp!
  em-http-request
  em-mongo
  em-synchrony (~> 1.0.0)
  foreman
  growl
  guard-rspec
  heroku
  hiredis (~> 0.4.5)
  http_router
  mongoid
  newrelic_rpm
  powder
  pry
  pusher
  rake
  rb-readline
  redis (~> 2.2.2)
  require_all
  rpm_contrib
  rspec
  rspec-cramp
  settingslogic
  stat_request_parser
  thin
  useragent!
