GEM
  remote: http://rubygems.org/
  specs:
    aggregate (0.2.2)
    celluloid (0.12.4)
      facter (>= 1.6.12)
      timers (>= 1.0.0)
    coderay (1.0.9)
    connection_pool (1.0.0)
    diff-lcs (1.2.2)
    facter (1.6.18)
    faraday (0.8.7)
      multipart-post (~> 1.1)
    formatador (0.2.4)
    guard (1.7.0)
      formatador (>= 0.2.4)
      listen (>= 0.6.0)
      lumberjack (>= 1.0.2)
      pry (>= 0.9.10)
      thor (>= 0.14.6)
    guard-rspec (2.5.2)
      guard (>= 1.1)
      rspec (~> 2.11)
    honeybadger (1.6.1)
      json
    json (1.7.7)
    kgio (2.8.0)
    librato-metrics (1.0.4)
      aggregate (~> 0.2.2)
      faraday (~> 0.7)
      multi_json
    listen (0.7.3)
    lumberjack (1.0.3)
    method_source (0.8.1)
    multi_json (1.7.2)
    multipart-post (1.2.0)
    newrelic_rpm (3.6.0.78)
    oj (2.0.10)
    pry (0.9.12)
      coderay (~> 1.0.5)
      method_source (~> 0.8)
      slop (~> 3.4)
    rack (1.5.2)
    rack-status (1.0.0)
    rack-test (0.6.2)
      rack (>= 1.0)
    rack-timeout (0.0.3)
    raindrops (0.10.0)
    rb-fsevent (0.9.3)
    rb-readline (0.4.2)
    redis (3.0.3)
    redis-namespace (1.2.1)
      redis (~> 3.0.0)
    rescue_me (0.1.3)
    rspec (2.13.0)
      rspec-core (~> 2.13.0)
      rspec-expectations (~> 2.13.0)
      rspec-mocks (~> 2.13.0)
    rspec-core (2.13.1)
    rspec-expectations (2.13.0)
      diff-lcs (>= 1.1.3, < 2.0)
    rspec-mocks (2.13.1)
    ruby_gntp (0.3.4)
    sidekiq (2.9.0)
      celluloid (~> 0.12.0)
      connection_pool (~> 1.0)
      multi_json (~> 1)
      redis (~> 3)
      redis-namespace
    slop (3.4.4)
    thor (0.18.1)
    timecop (0.6.1)
    timers (1.1.0)
    unicorn (4.6.2)
      kgio (~> 2.6)
      rack
      raindrops (~> 0.7)

PLATFORMS
  ruby

DEPENDENCIES
  guard-rspec
  honeybadger
  librato-metrics
  multi_json
  newrelic_rpm
  oj
  rack
  rack-status
  rack-test
  rack-timeout
  rb-fsevent
  rb-readline
  rescue_me
  rspec
  ruby_gntp
  sidekiq
  timecop
  unicorn
